GEM
  remote: https://rubygems.org/
  specs:
    curb (0.8.6)
    eventmachine (1.0.3)
    geo-distance (0.1.2)
    sqlite3 (1.3.9)
    temboo (2.5.1)

PLATFORMS
  ruby

DEPENDENCIES
  curb
  eventmachine
  geo-distance
  sqlite3
  temboo
